GEM
  remote: http://rubygems.org/
  specs:
    chunky_png (1.2.0)
    classifier (1.3.3)
      fast-stemmer (>= 1.0.0)
    compass (0.11.4)
      chunky_png (~> 1.2)
      fssm (>= 0.2.7)
      sass (~> 3.1)
    directory_watcher (1.4.0)
    fast-stemmer (1.0.0)
    fssm (0.2.7)
    haml (3.1.3)
    jekyll (0.10.0)
      classifier (>= 1.3.1)
      directory_watcher (>= 1.1.1)
      liquid (>= 1.9.0)
      maruku (>= 0.5.9)
    kgio (2.5.0)
    liquid (2.2.2)
    maruku (0.6.0)
      syntax (>= 1.0.0)
    rack (1.3.0)
    rack-jekyll (0.3.4)
      jekyll
      rack
    raindrops (0.7.0)
    sass (3.1.4)
    syntax (1.0.0)
    unicorn (4.0.1)
      kgio (~> 2.4)
      rack
      raindrops (~> 0.6)

PLATFORMS
  ruby

DEPENDENCIES
  bundler
  chunky_png (= 1.2.0)
  classifier (= 1.3.3)
  compass (= 0.11.4)
  directory_watcher (= 1.4.0)
  fast-stemmer (= 1.0.0)
  fssm (= 0.2.7)
  haml
  jekyll (= 0.10.0)
  kgio (= 2.5.0)
  liquid (= 2.2.2)
  maruku (= 0.6.0)
  rack (= 1.3.0)
  rack-jekyll (= 0.3.4)
  raindrops (= 0.7.0)
  sass (= 3.1.4)
  syntax (= 1.0.0)
  unicorn (= 4.0.1)
