GEM
  remote: http://rubygems.org/
  specs:
    chunky_png (1.2.0)
    classifier (1.3.3)
      fast-stemmer (>= 1.0.0)
    compass (0.11.4)
      chunky_png (~> 1.2)
      fssm (>= 0.2.7)
      sass (~> 3.1)
    directory_watcher (1.4.0)
    fast-stemmer (1.0.0)
    fssm (0.2.7)
    jekyll (0.10.0)
      classifier (>= 1.3.1)
      directory_watcher (>= 1.1.1)
      liquid (>= 1.9.0)
      maruku (>= 0.5.9)
    liquid (2.2.2)
    maruku (0.6.0)
      syntax (>= 1.0.0)
    sass (3.1.4)
    syntax (1.0.0)

PLATFORMS
  ruby

DEPENDENCIES
  bundler (= 1.0.15)
  chunky_png (= 1.2.0)
  classifier (= 1.3.3)
  compass (= 0.11.4)
  directory_watcher (= 1.4.0)
  fast-stemmer (= 1.0.0)
  fssm (= 0.2.7)
  jekyll (= 0.10.0)
  liquid (= 2.2.2)
  maruku (= 0.6.0)
  sass (= 3.1.4)
  syntax (= 1.0.0)
